GIT
  remote: git@github.com:kitplummer/daemon-kit.git
  revision: be6953c46805736735502f01407c25451f594fdc
  specs:
    daemon-kit (0.1.8.2)
      eventmachine (>= 0.12.10)

GIT
  remote: git@github.com:kitplummer/ruote-stomp.git
  revision: cbf7e3155baae3fb61e1fa2429f697f0548d0aa3
  specs:
    ruote-stomp (2.2.0)
      ruote (>= 2.2.0)
      stomp (~> 1.1.8)

GEM
  remote: http://rubygems.org/
  specs:
    daemons (1.1.3)
    diff-lcs (1.1.2)
    eventmachine (0.12.10)
    file-tail (1.0.5)
      spruz (>= 0.1.0)
    hoe (2.9.4)
      rake (>= 0.8.7)
    json (1.5.1)
    rake (0.9.0)
    rspec (2.6.0)
      rspec-core (~> 2.6.0)
      rspec-expectations (~> 2.6.0)
      rspec-mocks (~> 2.6.0)
    rspec-core (2.6.3)
    rspec-expectations (2.6.0)
      diff-lcs (~> 1.1.2)
    rspec-mocks (2.6.0)
    ruby2ruby (1.2.5)
      ruby_parser (~> 2.0)
      sexp_processor (~> 3.0)
    ruby_parser (2.0.6)
      sexp_processor (~> 3.0)
    rufus-cloche (1.0.1)
      rufus-json (>= 0.2.7)
    rufus-dollar (1.0.4)
    rufus-json (1.0.0)
    rufus-mnemo (1.2.0)
    rufus-scheduler (2.0.9)
      tzinfo (>= 0.3.23)
    rufus-treechecker (1.0.6)
      ruby_parser (>= 2.0.5)
    ruote (2.2.0)
      rufus-cloche (>= 0.1.20)
      rufus-dollar (>= 1.0.4)
      rufus-json (>= 0.2.5)
      rufus-mnemo (>= 1.1.0)
      rufus-scheduler (>= 2.0.8)
      rufus-treechecker (>= 1.0.4)
      sourcify (= 0.4.2)
    safely (0.3.0)
    sexp_processor (3.0.5)
    sourcify (0.4.2)
      file-tail (>= 1.0.5)
      ruby2ruby (>= 1.2.5)
      sexp_processor (>= 3.0.5)
    spruz (0.2.7)
    stomp (1.1.8)
    stompserver (0.9.9)
      daemons (>= 1.0.2)
      eventmachine (>= 0.7.2)
      hoe (>= 1.1.1)
      hoe (>= 1.3.0)
    tzinfo (0.3.27)
    yajl-ruby (0.8.2)

PLATFORMS
  ruby

DEPENDENCIES
  daemon-kit!
  eventmachine
  json
  rspec
  ruote
  ruote-stomp!
  safely
  stompserver
  yajl-ruby
